GEM
  remote: https://rubygems.org/
  specs:
    appium_lib (8.0.1)
      awesome_print (~> 1.6)
      json (~> 1.8)
      nokogiri (~> 1.6.6)
      selenium-webdriver (~> 2.48)
      tomlrb (~> 1.1)
    awesome_print (1.8.0)
    browserstack-local (0.1.1)
    childprocess (0.5.7)
      ffi (~> 1.0, >= 1.0.11)
    coderay (1.1.2)
    diff-lcs (1.2.5)
    ffi (1.9.10)
    json (1.8.6)
    method_source (0.9.0)
    mini_portile2 (2.1.0)
    multi_json (1.11.2)
    nokogiri (1.6.8.1)
      mini_portile2 (~> 2.1.0)
    parallel (1.9.0)
    pry (0.11.3)
      coderay (~> 1.1.0)
      method_source (~> 0.9.0)
    rake (11.1.2)
    rspec (3.4.0)
      rspec-core (~> 3.4.0)
      rspec-expectations (~> 3.4.0)
      rspec-mocks (~> 3.4.0)
    rspec-core (3.4.4)
      rspec-support (~> 3.4.0)
    rspec-expectations (3.4.0)
      diff-lcs (>= 1.2.0, < 2.0)
      rspec-support (~> 3.4.0)
    rspec-mocks (3.4.1)
      diff-lcs (>= 1.2.0, < 2.0)
      rspec-support (~> 3.4.0)
    rspec-support (3.4.1)
    rubyzip (1.1.7)
    selenium-webdriver (2.48.1)
      childprocess (~> 0.5)
      multi_json (~> 1.0)
      rubyzip (~> 1.0)
      websocket (~> 1.0)
    tomlrb (1.2.6)
    websocket (1.2.2)

PLATFORMS
  ruby

DEPENDENCIES
  appium_lib
  browserstack-local
  parallel
  pry
  rake
  rspec
  rspec-core (~> 3.4.4)
  selenium-webdriver

BUNDLED WITH
   1.16.0
